GEM
  remote: https://rubygems.org/
  specs:
    ruby2d (0.12.1)

PLATFORMS
  ruby

DEPENDENCIES
  ruby2d (~> 0.12.1)

BUNDLED WITH
   2.5.6
