GEM
  remote: https://rubygems.org/
  specs:
    chunky_png (1.4.0)
    diff-lcs (1.5.1)
    opengl-bindings2 (2.0.2)
    rspec (3.13.0)
      rspec-core (~> 3.13.0)
      rspec-expectations (~> 3.13.0)
      rspec-mocks (~> 3.13.0)
    rspec-core (3.13.0)
      rspec-support (~> 3.13.0)
    rspec-expectations (3.13.0)
      diff-lcs (>= 1.2.0, < 2.0)
      rspec-support (~> 3.13.0)
    rspec-mocks (3.13.0)
      diff-lcs (>= 1.2.0, < 2.0)
      rspec-support (~> 3.13.0)
    rspec-support (3.13.1)

PLATFORMS
  ruby

DEPENDENCIES
  chunky_png (~> 1.4)
  opengl-bindings2 (~> 2.0)
  rspec (~> 3.13)

BUNDLED WITH
   2.5.6
